PATH
  remote: .
  specs:
    org-diff (0.1.0)
      hanami-cli (~> 0.2.0)

GEM
  remote: https://rubygems.org/
  specs:
    concurrent-ruby (1.0.5)
    hanami-cli (0.2.0)
      concurrent-ruby (~> 1.0)
      hanami-utils (~> 1.2)
    hanami-utils (1.2.0)
      concurrent-ruby (~> 1.0)
      transproc (~> 1.0)
    rake (10.5.0)
    transproc (1.0.2)

PLATFORMS
  ruby

DEPENDENCIES
  bundler (~> 1.16)
  org-diff!
  rake (~> 10.0)

BUNDLED WITH
   1.16.2
